GEM
  remote: https://rubygems.org/
  specs:
    dotenv (2.0.2)
    json (1.8.3)
    mail (2.6.3)
      mime-types (>= 1.16, < 3)
    mime-types (2.6.1)
    pony (1.11)
      mail (>= 2.0)
    puma (2.12.3)
    rack (1.6.4)
    roda (2.5.1)
      rack
    sass (3.4.16)
    slim (3.0.6)
      temple (~> 0.7.3)
      tilt (>= 1.3.3, < 2.1)
    temple (0.7.6)
    tilt (1.4.1)

PLATFORMS
  ruby

DEPENDENCIES
  dotenv (~> 2.0.2)
  json
  pony (~> 1.11)
  puma
  roda
  sass
  slim
  tilt
