GEM
  remote: https://rubygems.org/
  specs:
    dotenv (2.0.2)
    json (2.0.2)
    mail (2.6.4)
      mime-types (>= 1.16, < 4)
    mime-types (3.1)
      mime-types-data (~> 3.2015)
    mime-types-data (3.2016.0521)
    pony (1.11)
      mail (>= 2.0)
    puma (2.15.3)
    rack (2.0.1)
    roda (2.21.0)
      rack
    sass (3.4.23)
    slim (3.0.7)
      temple (~> 0.7.6)
      tilt (>= 1.3.3, < 2.1)
    temple (0.7.7)
    tilt (2.0.5)

PLATFORMS
  ruby

DEPENDENCIES
  dotenv (~> 2.0.2)
  json
  pony (~> 1.11)
  puma (~> 2.15.3)
  roda
  sass
  slim
  tilt

BUNDLED WITH
   1.11.2
